GEM
  remote: https://rubygems.org/
  specs:
    rake (10.0.3)
    sequel (3.45.0)
    sqlite3 (1.3.7)

PLATFORMS
  ruby

DEPENDENCIES
  rake
  sequel
  sqlite3
